GEM
  remote: http://ruby.taobao.org/
  specs:
    RedCloth (4.2.9)
    RedCloth (4.2.9-x86-mingw32)
    chunky_png (1.2.8)
    classifier (1.3.3)
      fast-stemmer (>= 1.0.0)
    coderay (1.0.9)
    colorator (0.1)
    commander (4.1.5)
      highline (~> 1.6.11)
    compass (0.12.2)
      chunky_png (~> 1.2)
      fssm (>= 0.2.7)
      sass (~> 3.1)
    directory_watcher (1.4.1)
    fast-stemmer (1.0.2)
    ffi (1.9.0)
    formatador (0.2.4)
    fssm (0.2.10)
    guard (1.8.3)
      formatador (>= 0.2.4)
      listen (~> 1.3)
      lumberjack (>= 1.0.2)
      pry (>= 0.9.10)
      thor (>= 0.14.6)
    guard-compass (0.0.8)
      compass (>= 0.10.5)
      guard (>= 1.8)
    guard-jekyll-plus (1.4.9)
      guard (>= 1.1.0)
      jekyll (>= 1.0.0)
    highline (1.6.19)
    jekyll (1.1.2)
      classifier (~> 1.3)
      colorator (~> 0.1)
      commander (~> 4.1.3)
      directory_watcher (~> 1.4.1)
      kramdown (~> 1.0.2)
      liquid (~> 2.5.1)
      maruku (~> 0.5)
      pygments.rb (~> 0.5.0)
      redcarpet (~> 2.2.2)
      safe_yaml (~> 0.7.0)
    jekyll-page-hooks (1.1.0)
      jekyll (>= 1.0.0)
    kramdown (1.0.2)
    liquid (2.5.2)
    listen (1.3.1)
      rb-fsevent (>= 0.9.3)
      rb-inotify (>= 0.9)
      rb-kqueue (>= 0.2)
    lumberjack (1.0.4)
    maruku (0.6.1)
      syntax (>= 1.0.0)
    method_source (0.8.2)
    posix-spawn (0.3.6)
    pry (0.9.12.2)
      coderay (~> 1.0.5)
      method_source (~> 0.8)
      slop (~> 3.4)
    pygments.rb (0.5.2)
      posix-spawn (~> 0.3.6)
      yajl-ruby (~> 1.1.0)
    rack (1.5.2)
    rack-protection (1.5.0)
      rack
    rake (10.1.0)
    rb-fchange (0.0.6)
      ffi
    rb-fsevent (0.9.3)
    rb-inotify (0.9.2)
      ffi (>= 0.5.0)
    rb-kqueue (0.2.0)
      ffi (>= 0.5.0)
    rdiscount (2.0.7.3)
    redcarpet (2.2.2)
    rubypants (0.2.0)
    safe_yaml (0.7.1)
    sass (3.2.10)
    sass-globbing (1.0.0)
      sass (>= 3.1)
    sinatra (1.4.3)
      rack (~> 1.4)
      rack-protection (~> 1.4)
      tilt (~> 1.3, >= 1.3.4)
    slop (3.4.6)
    stringex (1.4.0)
    syntax (1.0.0)
    thor (0.18.1)
    tilt (1.4.1)
    yajl-ruby (1.1.0)

PLATFORMS
  ruby
  x86-mingw32

DEPENDENCIES
  RedCloth (~> 4.2.9)
  compass (~> 0.12.2)
  guard-compass (~> 0.0.8)
  guard-jekyll-plus (~> 1.4.6)
  jekyll (~> 1.1.2)
  jekyll-page-hooks
  rake (~> 10.1)
  rb-fchange (~> 0.0.6)
  rb-fsevent (~> 0.9.3)
  rb-inotify (~> 0.9.0)
  rdiscount (~> 2.0.7)
  rubypants (~> 0.2.0)
  sass (~> 3.2)
  sass-globbing (~> 1.0.0)
  sinatra (~> 1.4.2)
  stringex (~> 1.4.0)
